GIT
  remote: git://github.com/andrejj/soundcloud-ruby.git
  revision: 019b14e19cfe1b2a84d9374d189499c7d1e9d3f6
  specs:
    soundcloud (0.2.9)
      hashie
      httmultiparty (>= 0.3)
      httparty (>= 0.7.3)

GIT
  remote: git://github.com/erickreutz/backbone-support.git
  revision: 8b85e2bf54378ec56b220c56634dae2a0fe62e47
  specs:
    backbone-support (0.2.1)

GIT
  remote: git://github.com/erickreutz/exceptional.git
  revision: 8f8a0f0707b7adcf2b906de7be6eeda4f14d1212
  specs:
    exceptional (2.0.32)
      rack

GIT
  remote: git://github.com/jfredett/tire.git
  revision: 65ee2cc198bec1242a47cb2e6c9c3ea258457b0e
  specs:
    tire (0.4.3)
      activemodel (>= 3.0)
      hashr (~> 0.0.19)
      multi_json (~> 1.0)
      rake
      rest-client (~> 1.6)

GEM
  remote: https://rubygems.org/
  specs:
    actionmailer (3.2.11)
      actionpack (= 3.2.11)
      mail (~> 2.4.4)
    actionpack (3.2.11)
      activemodel (= 3.2.11)
      activesupport (= 3.2.11)
      builder (~> 3.0.0)
      erubis (~> 2.7.0)
      journey (~> 1.0.4)
      rack (~> 1.4.0)
      rack-cache (~> 1.2)
      rack-test (~> 0.6.1)
      sprockets (~> 2.2.1)
    activemodel (3.2.11)
      activesupport (= 3.2.11)
      builder (~> 3.0.0)
    activerecord (3.2.11)
      activemodel (= 3.2.11)
      activesupport (= 3.2.11)
      arel (~> 3.0.2)
      tzinfo (~> 0.3.29)
    activeresource (3.2.11)
      activemodel (= 3.2.11)
      activesupport (= 3.2.11)
    activesupport (3.2.11)
      i18n (~> 0.6)
      multi_json (~> 1.0)
    addressable (2.3.2)
    arel (3.0.2)
    bitly (0.8.0)
      crack (>= 0.1.4)
      httparty (>= 0.7.6)
      oauth2 (>= 0.5.0, < 0.9)
    bson (1.8.1)
    bson_ext (1.8.1)
      bson (~> 1.8.1)
    builder (3.0.4)
    coffee-rails (3.2.2)
      coffee-script (>= 2.2.0)
      railties (~> 3.2.0)
    coffee-script (2.2.0)
      coffee-script-source
      execjs
    coffee-script-source (1.4.0)
    commonjs (0.2.6)
    crack (0.3.2)
    delayed_job (3.0.4)
      activesupport (~> 3.0)
    delayed_job_mongoid (1.1.0)
      delayed_job (~> 3.0)
      mongo (~> 1.6)
      mongoid (>= 2.0)
    ejs (1.1.1)
    erubis (2.7.0)
    execjs (1.4.0)
      multi_json (~> 1.0)
    fabrication (2.5.4)
    faraday (0.8.4)
      multipart-post (~> 1.1)
    foreman (0.60.2)
      thor (>= 0.13.6)
    forgery (0.3.12)
      nokogiri (~> 1.4)
    hashie (1.2.0)
    hashr (0.0.22)
    hike (1.2.1)
    hpricot (0.8.6)
    httmultiparty (0.3.8)
      httparty (>= 0.7.3)
      multipart-post
    httparty (0.10.0)
      multi_json (~> 1.0)
      multi_xml
    httpauth (0.2.0)
    i18n (0.6.1)
    journey (1.0.4)
    jquery-rails (2.1.4)
      railties (>= 3.0, < 5.0)
      thor (>= 0.14, < 2.0)
    json (1.7.6)
    jwt (0.1.5)
      multi_json (>= 1.0)
    kaminari (0.14.1)
      actionpack (>= 3.0.0)
      activesupport (>= 3.0.0)
    kgio (2.7.4)
    koala (1.6.0)
      addressable (~> 2.2)
      faraday (~> 0.8)
      multi_json (~> 1.3)
    less (2.0.12)
      commonjs (~> 0.2.0)
      therubyracer (~> 0.9.9)
    less-rails (2.1.8)
      actionpack (>= 3.1)
      less (~> 2.0.7)
    libv8 (3.3.10.4)
    mail (2.4.4)
      i18n (>= 0.4.0)
      mime-types (~> 1.16)
      treetop (~> 1.4.8)
    meta-tags (1.2.6)
      actionpack
    mime-types (1.19)
    mongo (1.8.1)
      bson (~> 1.8.1)
    mongoid (2.5.1)
      activemodel (~> 3.1)
      mongo (~> 1.7)
      tzinfo (~> 0.3.22)
    mongoid_slug (0.10.0)
      mongoid (~> 2.0)
      stringex (~> 1.3)
    multi_json (1.5.0)
    multi_xml (0.5.2)
    multipart-post (1.1.5)
    nokogiri (1.5.6)
    oauth2 (0.8.0)
      faraday (~> 0.8)
      httpauth (~> 0.1)
      jwt (~> 0.1.4)
      multi_json (~> 1.0)
      rack (~> 1.2)
    polyglot (0.3.3)
    rack (1.4.3)
    rack-cache (1.2)
      rack (>= 0.4)
    rack-cors (0.2.7)
      rack
    rack-ssl (1.3.2)
      rack
    rack-test (0.6.2)
      rack (>= 1.0)
    rails (3.2.11)
      actionmailer (= 3.2.11)
      actionpack (= 3.2.11)
      activerecord (= 3.2.11)
      activeresource (= 3.2.11)
      activesupport (= 3.2.11)
      bundler (~> 1.0)
      railties (= 3.2.11)
    railties (3.2.11)
      actionpack (= 3.2.11)
      activesupport (= 3.2.11)
      rack-ssl (~> 1.3.2)
      rake (>= 0.8.7)
      rdoc (~> 3.4)
      thor (>= 0.14.6, < 2.0)
    raindrops (0.10.0)
    rake (10.0.3)
    rdoc (3.12)
      json (~> 1.4)
    rest-client (1.6.7)
      mime-types (>= 1.16)
    rockstar (0.7.0)
      activesupport (>= 1.4.2)
      activesupport (>= 1.4.2)
      hpricot (>= 0.4.86)
      hpricot (>= 0.4.86)
      i18n
      rake
    simple_form (2.0.4)
      actionpack (~> 3.0)
      activemodel (~> 3.0)
    sprockets (2.2.2)
      hike (~> 1.2)
      multi_json (~> 1.0)
      rack (~> 1.0)
      tilt (~> 1.1, != 1.3.0)
    stringex (1.5.1)
    therubyracer (0.9.10)
      libv8 (~> 3.3.10)
    thor (0.16.0)
    tilt (1.3.3)
    tire-contrib (0.1.1)
      tire
    treetop (1.4.12)
      polyglot
      polyglot (>= 0.3.1)
    twitter-bootstrap-rails (2.0.1)
      actionpack (>= 3.1)
      less-rails (~> 2.1.5)
      railties (>= 3.1)
    tzinfo (0.3.35)
    uglifier (1.3.0)
      execjs (>= 0.3.0)
      multi_json (~> 1.0, >= 1.0.2)
    unicorn (4.5.0)
      kgio (~> 2.6)
      rack
      raindrops (~> 0.7)

PLATFORMS
  ruby

DEPENDENCIES
  backbone-support!
  bitly
  bson_ext (~> 1.5)
  coffee-rails (~> 3.2.1)
  delayed_job
  delayed_job_mongoid
  ejs
  exceptional!
  fabrication
  foreman
  forgery (~> 0.3.12)
  jquery-rails (>= 1.0.12)
  kaminari
  koala
  less-rails
  meta-tags
  mongoid (~> 2.4)
  mongoid_slug
  rack-cors
  rails (= 3.2.11)
  rockstar
  simple_form (~> 2.0.0)
  soundcloud!
  tire!
  tire-contrib
  twitter-bootstrap-rails (= 2.0.1)
  uglifier (>= 1.0.3)
  unicorn
